PATH
  remote: .
  specs:
    tatara (0.2.0)

GEM
  remote: https://rubygems.org/
  specs:
    benchmark_driver (0.15.5)
    docile (1.3.2)
    json (2.2.0)
    minitest (5.11.3)
    rake (10.5.0)
    rake-compiler (1.0.7)
      rake
    simplecov (0.17.1)
      docile (~> 1.1)
      json (>= 1.8, < 3)
      simplecov-html (~> 0.10.0)
    simplecov-html (0.10.2)

PLATFORMS
  ruby

DEPENDENCIES
  benchmark_driver
  bundler (~> 2.0)
  minitest (~> 5.0)
  rake (~> 10.0)
  rake-compiler
  simplecov
  tatara!

BUNDLED WITH
   2.1.0.pre.3
