PATH
  remote: .
  specs:
    tatara (0.2.0)

GEM
  remote: https://rubygems.org/
  specs:
    benchmark_driver (0.15.5)
    coveralls (0.8.23)
      json (>= 1.8, < 3)
      simplecov (~> 0.16.1)
      term-ansicolor (~> 1.3)
      thor (>= 0.19.4, < 2.0)
      tins (~> 1.6)
    docile (1.3.2)
    json (2.2.0)
    minitest (5.11.3)
    rake (10.5.0)
    rake-compiler (1.0.7)
      rake
    simplecov (0.16.1)
      docile (~> 1.1)
      json (>= 1.8, < 3)
      simplecov-html (~> 0.10.0)
    simplecov-html (0.10.2)
    term-ansicolor (1.7.1)
      tins (~> 1.0)
    thor (0.20.3)
    tins (1.22.2)

PLATFORMS
  ruby

DEPENDENCIES
  benchmark_driver
  bundler (~> 2.0)
  coveralls
  minitest (~> 5.0)
  rake (~> 10.0)
  rake-compiler
  tatara!

BUNDLED WITH
   2.0.2
