PATH
  remote: .
  specs:
    tatara (0.3.0)

GEM
  remote: https://rubygems.org/
  specs:
    benchmark_driver (0.15.5)
    benchmark_driver-output-gruff (0.3.1)
      benchmark_driver (>= 0.12.0)
      gruff
    docile (1.3.2)
    gruff (0.7.0)
      rmagick (~> 2.13, >= 2.13.4)
    json (2.3.1)
    minitest (5.11.3)
    rake (13.0.1)
    rake-compiler (1.0.7)
      rake
    rmagick (2.16.0)
    simplecov (0.17.1)
      docile (~> 1.1)
      json (>= 1.8, < 3)
      simplecov-html (~> 0.10.0)
    simplecov-html (0.10.2)

PLATFORMS
  ruby

DEPENDENCIES
  benchmark_driver
  benchmark_driver-output-gruff
  bundler (~> 2.0)
  minitest (~> 5.0)
  rake (~> 13.0)
  rake-compiler
  simplecov
  tatara!

BUNDLED WITH
   2.1.4
